GEM
  remote: http://rubygems.org/
  specs:
    builder (3.0.0)
    excon (0.6.6)
    fog (0.11.0)
      builder
      excon (~> 0.6.5)
      formatador (~> 0.2.0)
      mime-types
      multi_json (~> 1.0.3)
      net-scp (~> 1.0.4)
      net-ssh (~> 2.1.4)
      nokogiri (~> 1.5.0)
      ruby-hmac
    formatador (0.2.1)
    httparty (0.8.0)
      multi_json
      multi_xml
    less (2.0.7)
      therubyracer (~> 0.9.2)
    libv8 (3.3.10.2)
    mime-types (1.16)
    multi_json (1.0.3)
    multi_xml (0.4.0)
    net-scp (1.0.4)
      net-ssh (>= 1.99.1)
    net-ssh (2.1.4)
    nokogiri (1.5.0)
    pg (0.11.0)
    rack (1.3.3)
    ruby-hmac (0.4.0)
    sequel (3.27.0)
    sinatra (1.2.6)
      rack (~> 1.1)
      tilt (>= 1.2.2, < 2.0)
    sqlite3 (1.3.4)
    therubyracer (0.9.4)
      libv8 (~> 3.3.10)
    tilt (1.3.3)

PLATFORMS
  ruby

DEPENDENCIES
  fog
  httparty
  less
  pg
  sequel
  sinatra
  sqlite3
