GIT
  remote: git://github.com/Ortuna/padrino-pipeline.git
  revision: eee0f8284e38dd3964398706e41804fee54a5d3a
  specs:
    padrino-pipeline (0.3.0)
      coffee-script (~> 2.2.0)
      padrino-core (~> 0.11)
      padrino-helpers (~> 0.11)
      sass (~> 3.2.0)
      sinatra-assetpack (~> 0.3)
      sprockets (~> 2.10)
      uglifier (~> 2.1.0)

GIT
  remote: git://github.com/jondot/padrino-warden.git
  revision: 7aac33ed31a7c98eabae1f5c1dd86321bf6fd4f9
  specs:
    padrino-warden (0.1.1)
      warden (>= 0.10.3)

GIT
  remote: git://github.com/padrino/padrino-framework.git
  revision: 0b0db3a66ae9b14cc3cc72be7c81086102c49727
  specs:
    padrino (0.12.0.rc)
      padrino-admin (= 0.12.0.rc)
      padrino-cache (= 0.12.0.rc)
      padrino-core (= 0.12.0.rc)
      padrino-gen (= 0.12.0.rc)
      padrino-helpers (= 0.12.0.rc)
      padrino-mailer (= 0.12.0.rc)
    padrino-admin (0.12.0.rc)
      padrino-core (= 0.12.0.rc)
      padrino-helpers (= 0.12.0.rc)
    padrino-cache (0.12.0.rc)
      moneta (~> 0.7.0)
      padrino-core (= 0.12.0.rc)
      padrino-helpers (= 0.12.0.rc)
    padrino-core (0.12.0.rc)
      activesupport (>= 3.1)
      http_router (~> 0.11.0)
      rack-protection (>= 1.5.0)
      sinatra (~> 1.4.2)
      thor (~> 0.17.0)
      tilt (~> 1.4.1)
    padrino-gen (0.12.0.rc)
      bundler (~> 1.0)
      padrino-core (= 0.12.0.rc)
    padrino-helpers (0.12.0.rc)
      i18n (~> 0.6)
      padrino-core (= 0.12.0.rc)
    padrino-mailer (0.12.0.rc)
      mail (~> 2.5.3)
      padrino-core (= 0.12.0.rc)

GEM
  remote: https://rubygems.org/
  specs:
    activemodel (3.2.16)
      activesupport (= 3.2.16)
      builder (~> 3.0.0)
    activerecord (3.2.16)
      activemodel (= 3.2.16)
      activesupport (= 3.2.16)
      arel (~> 3.0.2)
      tzinfo (~> 0.3.29)
    activesupport (3.2.16)
      i18n (~> 0.6, >= 0.6.4)
      multi_json (~> 1.0)
    arel (3.0.3)
    builder (3.0.4)
    coffee-script (2.2.0)
      coffee-script-source
      execjs
    coffee-script-source (1.6.3)
    daemons (1.1.9)
    erubis (2.7.0)
    eventmachine (1.0.3)
    execjs (2.0.2)
    hike (1.2.3)
    http_router (0.11.0)
      rack (>= 1.0.0)
      url_mount (~> 0.2.1)
    i18n (0.6.9)
    jsmin (1.0.1)
    json (1.8.1)
    mail (2.5.4)
      mime-types (~> 1.16)
      treetop (~> 1.4.8)
    mime-types (1.25.1)
    minitest (2.6.2)
    moneta (0.7.20)
    multi_json (1.8.2)
    oj (2.5.1)
    pg (0.17.1)
    polyglot (0.3.3)
    rack (1.5.2)
    rack-protection (1.5.1)
      rack
    rack-test (0.6.2)
      rack (>= 1.0)
    rake (10.1.1)
    rr (1.1.2)
    sass (3.2.13)
    shotgun (0.9)
      rack (>= 1.0)
    sinatra (1.4.4)
      rack (~> 1.4)
      rack-protection (~> 1.4)
      tilt (~> 1.3, >= 1.3.4)
    sinatra-assetpack (0.3.1)
      jsmin
      rack-test
      sinatra
      tilt (>= 1.3.0)
    sprockets (2.10.1)
      hike (~> 1.2)
      multi_json (~> 1.0)
      rack (~> 1.0)
      tilt (~> 1.1, != 1.3.0)
    thin (1.6.1)
      daemons (>= 1.0.9)
      eventmachine (>= 1.0.0)
      rack (>= 1.0.0)
    thor (0.17.0)
    tilt (1.4.1)
    treetop (1.4.15)
      polyglot
      polyglot (>= 0.3.1)
    tzinfo (0.3.38)
    uglifier (2.1.2)
      execjs (>= 0.3.0)
      multi_json (~> 1.0, >= 1.0.2)
    url_mount (0.2.1)
      rack
    warden (1.2.3)
      rack (>= 1.0)

PLATFORMS
  ruby

DEPENDENCIES
  activerecord (>= 3.1)
  erubis (~> 2.7.0)
  json
  mail
  minitest (~> 2.6.0)
  oj
  padrino!
  padrino-pipeline!
  padrino-warden!
  pg
  rack-test
  rake
  rr
  sass
  shotgun
  sinatra-assetpack
  thin
  uglifier
