GIT
  remote: git://github.com/intridea/oauth2.git
  revision: 3016757f7c47a411e062ce42ff9e039ed136569c
  specs:
    oauth2 (0.5.1)
      faraday (~> 0.7)
      multi_json (~> 1.0)

GEM
  remote: http://rubygems.org/
  specs:
    addressable (2.2.6)
    builder (3.0.0)
    commonjs (0.2.0)
      therubyracer (~> 0.9.9)
    excon (0.9.4)
    faraday (0.7.5)
      addressable (~> 2.2.6)
      multipart-post (~> 1.1.3)
      rack (>= 1.1.0, < 2)
    fog (1.1.2)
      builder
      excon (~> 0.9.0)
      formatador (~> 0.2.0)
      mime-types
      multi_json (~> 1.0.3)
      net-scp (~> 1.0.4)
      net-ssh (>= 2.1.3)
      nokogiri (~> 1.5.0)
      ruby-hmac
    formatador (0.2.1)
    json (1.6.4)
    less (2.0.8)
      commonjs (~> 0.2.0)
      therubyracer (~> 0.9.9)
    libv8 (3.3.10.4)
    mime-types (1.17.2)
    multi_json (1.0.4)
    multipart-post (1.1.4)
    net-scp (1.0.4)
      net-ssh (>= 1.99.1)
    net-ssh (2.2.1)
    nokogiri (1.5.0)
    pg (0.12.0)
      rake-compiler (~> 0.7)
    rack (1.3.5)
    rack-protection (1.1.4)
      rack
    rake (0.9.2.2)
    rake-compiler (0.7.9)
      rake
    ruby-hmac (0.4.0)
    sequel (3.30.0)
    sinatra (1.3.1)
      rack (~> 1.3, >= 1.3.4)
      rack-protection (~> 1.1, >= 1.1.2)
      tilt (~> 1.3, >= 1.3.3)
    sqlite3 (1.3.5)
    therubyracer (0.9.9)
      libv8 (~> 3.3.10)
    tilt (1.3.3)

PLATFORMS
  ruby

DEPENDENCIES
  fog
  json
  less
  oauth2!
  pg
  sequel
  sinatra
  sqlite3
