GIT
  remote: git://github.com/padrino/padrino-framework.git
  revision: 96e94b3f955dba480c949abaa50498988614c60b
  specs:
    padrino (0.13.0.beta1)
      padrino-admin (= 0.13.0.beta1)
      padrino-cache (= 0.13.0.beta1)
      padrino-core (= 0.13.0.beta1)
      padrino-gen (= 0.13.0.beta1)
      padrino-helpers (= 0.13.0.beta1)
      padrino-mailer (= 0.13.0.beta1)
      padrino-support (= 0.13.0.beta1)
    padrino-admin (0.13.0.beta1)
      padrino-core (= 0.13.0.beta1)
      padrino-helpers (= 0.13.0.beta1)
    padrino-cache (0.13.0.beta1)
      moneta (~> 0.7.0)
      padrino-core (= 0.13.0.beta1)
      padrino-helpers (= 0.13.0.beta1)
    padrino-core (0.13.0.beta1)
      activesupport (>= 3.1)
      mustermann19
      padrino-support (= 0.13.0.beta1)
      rack (< 1.6.0)
      rack-protection (>= 1.5.0)
      sinatra (~> 1.4.2)
      thor (~> 0.18)
    padrino-gen (0.13.0.beta1)
      bundler (~> 1.0)
      padrino-core (= 0.13.0.beta1)
    padrino-helpers (0.13.0.beta1)
      i18n (~> 0.6, >= 0.6.7)
      padrino-support (= 0.13.0.beta1)
      tilt (~> 1.4.1)
    padrino-mailer (0.13.0.beta1)
      mail (~> 2.5.3)
      padrino-core (= 0.13.0.beta1)
    padrino-support (0.13.0.beta1)
      activesupport (>= 3.1)

GEM
  remote: https://rubygems.org/
  specs:
    actionview (4.1.10.rc4)
      activesupport (= 4.1.10.rc4)
      builder (~> 3.1)
      erubis (~> 2.7.0)
    activemodel (4.1.10.rc4)
      activesupport (= 4.1.10.rc4)
      builder (~> 3.1)
    activerecord (4.1.10.rc4)
      activemodel (= 4.1.10.rc4)
      activesupport (= 4.1.10.rc4)
      arel (~> 5.0.0)
    activesupport (4.1.10.rc4)
      i18n (~> 0.6, >= 0.6.9)
      json (~> 1.7, >= 1.7.7)
      minitest (~> 5.1)
      thread_safe (~> 0.1)
      tzinfo (~> 1.1)
    addressable (2.3.7)
    arel (5.0.1.20140414130214)
    bcrypt (3.1.10)
    builder (3.2.2)
    daemons (1.2.1)
    delayed_job (4.0.6)
      activesupport (>= 3.0, < 5.0)
    delayed_job_active_record (4.0.3)
      activerecord (>= 3.0, < 5.0)
      delayed_job (>= 3.0, < 4.1)
    diff-lcs (1.2.5)
    enumerable-lazy (0.0.1)
    erubis (2.7.0)
    eventmachine (1.0.7)
    faraday (0.9.1)
      multipart-post (>= 1.2, < 3)
    grit (2.5.0)
      diff-lcs (~> 1.1)
      mime-types (~> 1.15)
      posix-spawn (~> 0.3.6)
    hashie (3.4.0)
    i18n (0.7.0)
    json (1.8.2)
    jwt (1.4.1)
    mail (2.5.4)
      mime-types (~> 1.16)
      treetop (~> 1.4.8)
    mime-types (1.25.1)
    minitest (5.5.1)
    moneta (0.7.20)
    multi_json (1.11.0)
    multi_xml (0.5.5)
    multipart-post (2.0.0)
    mustermann19 (0.4.0)
      enumerable-lazy
    numbers_and_words (0.10.0)
      activesupport
      i18n
    oauth2 (1.0.0)
      faraday (>= 0.8, < 0.10)
      jwt (~> 1.0)
      multi_json (~> 1.3)
      multi_xml (~> 0.5)
      rack (~> 1.2)
    octokit (3.8.0)
      sawyer (~> 0.6.0, >= 0.5.3)
    oj (2.12.1)
    omniauth (1.2.2)
      hashie (>= 1.2, < 4)
      rack (~> 1.0)
    omniauth-github (1.1.2)
      omniauth (~> 1.0)
      omniauth-oauth2 (~> 1.1)
    omniauth-oauth2 (1.2.0)
      faraday (>= 0.8, < 0.10)
      multi_json (~> 1.3)
      oauth2 (~> 1.0)
      omniauth (~> 1.2)
    pg (0.18.1)
    polyglot (0.3.5)
    posix-spawn (0.3.10)
    rack (1.5.2)
    rack-protection (1.5.3)
      rack
    rack-test (0.6.3)
      rack (>= 1.0)
    rake (10.4.2)
    rr (1.1.2)
    sass (3.4.13)
    sawyer (0.6.0)
      addressable (~> 2.3.5)
      faraday (~> 0.8, < 0.10)
    shotgun (0.9.1)
      rack (>= 1.0)
    sinatra (1.4.5)
      rack (~> 1.4)
      rack-protection (~> 1.4)
      tilt (~> 1.3, >= 1.3.4)
    thin (1.6.3)
      daemons (~> 1.0, >= 1.0.9)
      eventmachine (~> 1.0)
      rack (~> 1.0)
    thor (0.19.1)
    thread_safe (0.3.5)
    tilt (1.4.1)
    treetop (1.4.15)
      polyglot
      polyglot (>= 0.3.1)
    tzinfo (1.2.2)
      thread_safe (~> 0.1)

PLATFORMS
  ruby

DEPENDENCIES
  actionview (~> 4.1.0.beta1)
  activerecord (~> 4.1.0.beta1)
  bcrypt
  delayed_job_active_record
  erubis (~> 2.7.0)
  grit
  json
  minitest
  numbers_and_words
  octokit
  oj
  omniauth-github
  padrino!
  pg
  rack-test
  rake
  rr
  sass
  shotgun
  thin
